GEM
  remote: https://rubygems.org/
  specs:
    httparty (0.15.6)
      multi_xml (>= 0.5.2)
    multi_xml (0.6.0)
    yajl-ruby (1.3.1)

PLATFORMS
  ruby

DEPENDENCIES
  httparty
  yajl-ruby

RUBY VERSION
   ruby 2.4.2p198

BUNDLED WITH
   1.15.4
